GEM
  remote: https://rubygems.org/
  specs:
    awesome_print (1.8.0)
    byebug (11.1.1)
    coderay (1.1.2)
    method_source (0.9.2)
    minitest (5.14.0)
    minitest-power_assert (0.3.1)
      minitest
      power_assert (>= 1.1)
    power_assert (1.1.6)
    pry (0.12.2)
      coderay (~> 1.1.0)
      method_source (~> 0.9.0)
    pry-byebug (3.8.0)
      byebug (~> 11.0)
      pry (~> 0.10)
    rake (13.0.1)

PLATFORMS
  ruby

DEPENDENCIES
  awesome_print
  minitest
  minitest-power_assert
  pry
  pry-byebug
  rake

RUBY VERSION
   ruby 2.7.0p0

BUNDLED WITH
   2.1.2
